GEM
  remote: https://rubygems.org/
  specs:
    actioncable (5.2.7)
      actionpack (= 5.2.7)
      nio4r (~> 2.0)
      websocket-driver (>= 0.6.1)
    actionmailer (5.2.7)
      actionpack (= 5.2.7)
      actionview (= 5.2.7)
      activejob (= 5.2.7)
      mail (~> 2.5, >= 2.5.4)
      rails-dom-testing (~> 2.0)
    actionpack (5.2.7)
      actionview (= 5.2.7)
      activesupport (= 5.2.7)
      rack (~> 2.0, >= 2.0.8)
      rack-test (>= 0.6.3)
      rails-dom-testing (~> 2.0)
      rails-html-sanitizer (~> 1.0, >= 1.0.2)
    actionview (5.2.7)
      activesupport (= 5.2.7)
      builder (~> 3.1)
      erubi (~> 1.4)
      rails-dom-testing (~> 2.0)
      rails-html-sanitizer (~> 1.0, >= 1.0.3)
    activejob (5.2.7)
      activesupport (= 5.2.7)
      globalid (>= 0.3.6)
    activemodel (5.2.7)
      activesupport (= 5.2.7)
    activerecord (5.2.7)
      activemodel (= 5.2.7)
      activesupport (= 5.2.7)
      arel (>= 9.0)
    activestorage (5.2.7)
      actionpack (= 5.2.7)
      activerecord (= 5.2.7)
      marcel (~> 1.0.0)
    activesupport (5.2.7)
      concurrent-ruby (~> 1.0, >= 1.0.2)
      i18n (>= 0.7, < 2)
      minitest (~> 5.1)
      tzinfo (~> 1.1)
    addressable (2.8.0)
      public_suffix (>= 2.0.2, < 5.0)
    arel (9.0.0)
    av (0.9.0)
      cocaine (~> 0.5.3)
    aws-sdk (1.5.8)
      httparty (~> 0.7)
      json (~> 1.4)
      nokogiri (>= 1.4.4)
      uuidtools (~> 2.1)
    bcrypt (3.1.17)
    bootsnap (1.11.1)
      msgpack (~> 1.2)
    bootstrap-datepicker-rails (1.9.0.1)
      railties (>= 3.0)
    bootstrap-will_paginate (1.0.0)
      will_paginate
    builder (3.2.4)
    cancancan (3.3.0)
    capistrano (3.4.1)
      i18n
      rake (>= 10.0.0)
      sshkit (~> 1.3)
    capistrano-bundler (1.6.0)
      capistrano (~> 3.1)
    capistrano-rails (1.1.8)
      capistrano (~> 3.1)
      capistrano-bundler (~> 1.1)
    capistrano-rvm (0.1.2)
      capistrano (~> 3.0)
      sshkit (~> 1.2)
    climate_control (0.2.0)
    cocaine (0.5.8)
      climate_control (>= 0.0.3, < 1.0)
    coconutrb (2.2.0)
      multi_json (~> 1.0)
    coffee-rails (5.0.0)
      coffee-script (>= 2.2.0)
      railties (>= 5.2.0)
    coffee-script (2.4.1)
      coffee-script-source
      execjs
    coffee-script-source (1.12.2)
    commonjs (0.2.7)
    concurrent-ruby (1.1.10)
    crack (0.4.5)
      rexml
    crass (1.0.6)
    devise (4.8.1)
      bcrypt (~> 3.0)
      orm_adapter (~> 0.1)
      railties (>= 4.1.0)
      responders
      warden (~> 1.2.3)
    diff-lcs (1.5.0)
    dropzonejs-rails (0.8.5)
      rails (> 3.1)
    erubi (1.10.0)
    erubis (2.7.0)
    execjs (2.8.1)
    factory_girl (4.9.0)
      activesupport (>= 3.0.0)
    factory_girl_rails (4.9.0)
      factory_girl (~> 4.9.0)
      railties (>= 3.0.0)
    faker (2.20.0)
      i18n (>= 1.8.11, < 2)
    fancybox-rails (0.3.1)
      railties (>= 3.1.0)
    ffi (1.15.5)
    font-awesome-rails (4.7.0.8)
      railties (>= 3.2, < 8.0)
    formtastic (4.0.0)
      actionpack (>= 5.2.0)
    formtastic-bootstrap (3.1.1)
      formtastic (>= 3.0)
    globalid (1.0.0)
      activesupport (>= 5.0)
    google-analytics-rails (1.1.1)
    haml (5.2.2)
      temple (>= 0.8.0)
      tilt
    haml-rails (2.0.1)
      actionpack (>= 5.1)
      activesupport (>= 5.1)
      haml (>= 4.0.6, < 6.0)
      html2haml (>= 1.0.1)
      railties (>= 5.1)
    hashdiff (1.0.1)
    html2haml (2.2.0)
      erubis (~> 2.7.0)
      haml (>= 4.0, < 6)
      nokogiri (>= 1.6.0)
      ruby_parser (~> 3.5)
    httparty (0.20.0)
      mime-types (~> 3.0)
      multi_xml (>= 0.5.2)
    i18n (1.10.0)
      concurrent-ruby (~> 1.0)
    jquery-fileupload-rails (1.0.0)
      actionpack (>= 3.1)
      railties (>= 3.1)
      sassc
    jquery-rails (4.4.0)
      rails-dom-testing (>= 1, < 3)
      railties (>= 4.2.0)
      thor (>= 0.14, < 2.0)
    json (1.8.6)
    less (2.6.0)
      commonjs (~> 0.2.7)
    less-rails (5.0.0)
      actionpack (>= 5.0)
      less (~> 2.6.0)
      sprockets (~> 3.0)
    libv8 (3.16.14.19)
    listen (3.7.1)
      rb-fsevent (~> 0.10, >= 0.10.3)
      rb-inotify (~> 0.9, >= 0.9.10)
    loofah (2.16.0)
      crass (~> 1.0.2)
      nokogiri (>= 1.5.9)
    mail (2.7.1)
      mini_mime (>= 0.1.1)
    marcel (1.0.2)
    method_source (1.0.0)
    mime-types (3.4.1)
      mime-types-data (~> 3.2015)
    mime-types-data (3.2022.0105)
    mini_mime (1.1.2)
    mini_portile2 (2.8.0)
    minitest (5.15.0)
    msgpack (1.5.1)
    multi_json (1.15.0)
    multi_xml (0.6.0)
    net-scp (3.0.0)
      net-ssh (>= 2.6.5, < 7.0.0)
    net-ssh (6.1.0)
    nio4r (2.5.8)
    nokogiri (1.13.4)
      mini_portile2 (~> 2.8.0)
      racc (~> 1.4)
    orm_adapter (0.5.0)
    paperclip (3.5.4)
      activemodel (>= 3.0.0)
      activesupport (>= 3.0.0)
      cocaine (~> 0.5.3)
      mime-types
    paperclip-av-transcoder (0.6.4)
      av (~> 0.9.0)
      paperclip (>= 2.5.2)
    pg (1.3.5)
    pg_search (2.3.6)
      activerecord (>= 5.2)
      activesupport (>= 5.2)
    public_suffix (4.0.7)
    racc (1.6.0)
    rack (2.2.3)
    rack-test (1.1.0)
      rack (>= 1.0, < 3)
    rails (5.2.7)
      actioncable (= 5.2.7)
      actionmailer (= 5.2.7)
      actionpack (= 5.2.7)
      actionview (= 5.2.7)
      activejob (= 5.2.7)
      activemodel (= 5.2.7)
      activerecord (= 5.2.7)
      activestorage (= 5.2.7)
      activesupport (= 5.2.7)
      bundler (>= 1.3.0)
      railties (= 5.2.7)
      sprockets-rails (>= 2.0.0)
    rails-dom-testing (2.0.3)
      activesupport (>= 4.2.0)
      nokogiri (>= 1.6)
    rails-html-sanitizer (1.4.2)
      loofah (~> 2.3)
    railties (5.2.7)
      actionpack (= 5.2.7)
      activesupport (= 5.2.7)
      method_source
      rake (>= 0.8.7)
      thor (>= 0.19.0, < 2.0)
    rake (10.5.0)
    rb-fsevent (0.11.1)
    rb-inotify (0.10.1)
      ffi (~> 1.0)
    ref (2.0.0)
    responders (3.0.1)
      actionpack (>= 5.0)
      railties (>= 5.0)
    rexml (3.2.5)
    rspec-collection_matchers (1.2.0)
      rspec-expectations (>= 2.99.0.beta1)
    rspec-core (2.99.2)
    rspec-expectations (2.99.2)
      diff-lcs (>= 1.1.3, < 2.0)
    rspec-mocks (2.99.4)
    rspec-rails (2.99.0)
      actionpack (>= 3.0)
      activemodel (>= 3.0)
      activesupport (>= 3.0)
      railties (>= 3.0)
      rspec-collection_matchers
      rspec-core (~> 2.99.0)
      rspec-expectations (~> 2.99.0)
      rspec-mocks (~> 2.99.0)
    ruby_parser (3.19.1)
      sexp_processor (~> 4.16)
    sassc (2.4.0)
      ffi (~> 1.9)
    sassc-rails (2.1.2)
      railties (>= 4.0.0)
      sassc (>= 2.0)
      sprockets (> 3.0)
      sprockets-rails
      tilt
    sexp_processor (4.16.1)
    shoulda-matchers (5.1.0)
      activesupport (>= 5.2.0)
    sprockets (3.7.2)
      concurrent-ruby (~> 1.0)
      rack (> 1, < 3)
    sprockets-rails (3.4.2)
      actionpack (>= 5.2)
      activesupport (>= 5.2)
      sprockets (>= 3.0.0)
    sqlite3 (1.4.2)
    sshkit (1.21.2)
      net-scp (>= 1.1.2)
      net-ssh (>= 2.8.0)
    temple (0.8.2)
    therubyracer (0.12.3)
      libv8 (~> 3.16.14.15)
      ref
    thor (1.2.1)
    thread_safe (0.3.6)
    tilt (2.0.10)
    tzinfo (1.2.9)
      thread_safe (~> 0.1)
    uglifier (4.2.0)
      execjs (>= 0.3.0, < 3)
    ui_datepicker-rails3 (1.2.0)
    uuidtools (2.2.0)
    videojs_rails (4.12.15)
    warden (1.2.9)
      rack (>= 2.0.9)
    webmock (3.14.0)
      addressable (>= 2.8.0)
      crack (>= 0.3.2)
      hashdiff (>= 0.4.0, < 2.0.0)
    websocket-driver (0.7.5)
      websocket-extensions (>= 0.1.0)
    websocket-extensions (0.1.5)
    will_paginate (3.3.1)

PLATFORMS
  ruby

DEPENDENCIES
  aws-sdk (~> 1.5.7)
  bootsnap
  bootstrap-datepicker-rails
  bootstrap-will_paginate
  cancancan
  capistrano (~> 3.4.1)
  capistrano-bundler
  capistrano-rails (~> 1.1.0)
  capistrano-rvm
  coconutrb (~> 2.2.0)
  coffee-rails
  devise
  dropzonejs-rails
  factory_girl_rails
  faker
  fancybox-rails
  font-awesome-rails
  formtastic-bootstrap
  google-analytics-rails
  haml-rails
  jquery-fileupload-rails
  jquery-rails
  less-rails
  listen
  paperclip (~> 3.0)
  paperclip-av-transcoder
  pg
  pg_search
  rails (~> 5.0)
  rake (< 11.0)
  rspec-rails (~> 2.0)
  sassc-rails
  shoulda-matchers
  sqlite3
  therubyracer
  uglifier (>= 1.0.3)
  ui_datepicker-rails3
  videojs_rails
  webmock

RUBY VERSION
   ruby 2.6.3p62

BUNDLED WITH
   1.17.3
